PATH
  remote: .
  specs:
    easy_stalk (0.0.2)
      beaneater
      connection_pool
      interactor

GEM
  remote: https://rubygems.org/
  specs:
    beaneater (1.0.0)
    connection_pool (2.2.0)
    diff-lcs (1.2.5)
    interactor (3.1.0)
    rspec (3.5.0)
      rspec-core (~> 3.5.0)
      rspec-expectations (~> 3.5.0)
      rspec-mocks (~> 3.5.0)
    rspec-core (3.5.3)
      rspec-support (~> 3.5.0)
    rspec-expectations (3.5.0)
      diff-lcs (>= 1.2.0, < 2.0)
      rspec-support (~> 3.5.0)
    rspec-mocks (3.5.0)
      diff-lcs (>= 1.2.0, < 2.0)
      rspec-support (~> 3.5.0)
    rspec-support (3.5.0)

PLATFORMS
  ruby

DEPENDENCIES
  bundler (~> 1.12)
  easy_stalk!
  rspec (~> 3.0)

BUNDLED WITH
   1.12.5
