PATH
  remote: .
  specs:
    easy_stalk (0.1.4)
      beaneater (~> 1.0)
      descendants_tracker (~> 0.0.4)
      ezpool (~> 1.0)
      interactor (~> 3.1)

GEM
  remote: https://rubygems.org/
  specs:
    beaneater (1.0.0)
    coderay (1.1.2)
    descendants_tracker (0.0.4)
      thread_safe (~> 0.3, >= 0.3.1)
    diff-lcs (1.2.5)
    ezpool (1.0.0)
    interactor (3.1.1)
    method_source (0.9.2)
    pry (0.12.2)
      coderay (~> 1.1.0)
      method_source (~> 0.9.0)
    rspec (3.5.0)
      rspec-core (~> 3.5.0)
      rspec-expectations (~> 3.5.0)
      rspec-mocks (~> 3.5.0)
    rspec-core (3.5.3)
      rspec-support (~> 3.5.0)
    rspec-expectations (3.5.0)
      diff-lcs (>= 1.2.0, < 2.0)
      rspec-support (~> 3.5.0)
    rspec-mocks (3.5.0)
      diff-lcs (>= 1.2.0, < 2.0)
      rspec-support (~> 3.5.0)
    rspec-support (3.5.0)
    thread_safe (0.3.6)

PLATFORMS
  ruby

DEPENDENCIES
  bundler (~> 1.12)
  easy_stalk!
  pry (~> 0.12)
  rspec (~> 3.0)
